GEM
  remote: https://rubygems.org/
  specs:
    ansi (1.5.0)
    base64 (0.2.0)
    bcrypt_pbkdf (1.1.1)
    ed25519 (1.3.0)
    hashie (5.0.0)
    itamae (1.14.1)
      ansi
      hashie
      schash (~> 0.1.0)
      specinfra (>= 2.64.0, < 3.0.0)
      thor (>= 1.0.0)
    net-scp (4.1.0)
      net-ssh (>= 2.6.5, < 8.0.0)
    net-ssh (7.3.0)
    net-telnet (0.2.0)
    open3 (0.2.1)
    schash (0.1.2)
    sfl (2.3)
    specinfra (2.91.0)
      base64
      net-scp
      net-ssh (>= 2.7)
      net-telnet
      sfl
    thor (1.3.2)

PLATFORMS
  ruby
  x86_64-linux

DEPENDENCIES
  base64
  bcrypt_pbkdf
  ed25519
  itamae
  open3
  thor

BUNDLED WITH
   2.6.2
